GEM
  remote: https://rubygems.org/
  specs:
    active_model_serializers (0.9.5)
      activemodel (>= 3.2)
    activemodel (5.0.0.1)
      activesupport (= 5.0.0.1)
    activerecord (5.0.0.1)
      activemodel (= 5.0.0.1)
      activesupport (= 5.0.0.1)
      arel (~> 7.0)
    activesupport (5.0.0.1)
      concurrent-ruby (~> 1.0, >= 1.0.2)
      i18n (~> 0.7)
      minitest (~> 5.1)
      tzinfo (~> 1.1)
    arel (7.1.4)
    backports (3.6.8)
    byebug (9.0.6)
    codeclimate-test-reporter (1.0.3)
      simplecov
    concurrent-ruby (1.0.2)
    database_cleaner (1.5.3)
    docile (1.1.5)
    dotenv (2.1.1)
    i18n (0.7.0)
    json (2.0.2)
    jwt (1.5.4)
    metaclass (0.0.4)
    minitest (5.10.1)
    mocha (1.2.1)
      metaclass (~> 0.0.1)
    multi_json (1.12.1)
    pg (0.19.0)
    puma (3.6.2)
    rack (1.6.5)
    rack-protection (1.5.3)
      rack
    rack-test (0.6.3)
      rack (>= 1.0)
    rake (12.0.0)
    simplecov (0.12.0)
      docile (~> 1.1.0)
      json (>= 1.8, < 3)
      simplecov-html (~> 0.10.0)
    simplecov-html (0.10.0)
    sinatra (1.4.7)
      rack (~> 1.5)
      rack-protection (~> 1.4)
      tilt (>= 1.3, < 3)
    sinatra-active-model-serializers (0.2.2)
      active_model_serializers (~> 0.9.0)
      sinatra (~> 1.4)
      sinatra-activerecord (>= 2.0.0)
      sinatra-contrib (>= 1.4.1)
    sinatra-activerecord (2.0.11)
      activerecord (>= 3.2)
      sinatra (~> 1.0)
    sinatra-contrib (1.4.7)
      backports (>= 2.0)
      multi_json
      rack-protection
      rack-test
      sinatra (~> 1.4.0)
      tilt (>= 1.3, < 3)
    thread_safe (0.3.5)
    tilt (2.0.5)
    tzinfo (1.2.2)
      thread_safe (~> 0.1)

PLATFORMS
  ruby

DEPENDENCIES
  activerecord
  bundler
  byebug
  codeclimate-test-reporter
  database_cleaner
  dotenv (~> 2.0)
  jwt
  minitest
  mocha
  pg
  puma
  rack-test
  rake
  sinatra
  sinatra-active-model-serializers
  sinatra-activerecord
  sinatra-contrib

BUNDLED WITH
   1.13.1
